PATH
  remote: .
  specs:
    aki (0.1.0)
      eventmachine
      http_parser.rb
      rack
      thread

GEM
  remote: https://rubygems.org/
  specs:
    diff-lcs (1.4.4)
    eventmachine (1.2.7)
    http_parser.rb (0.6.0)
    rack (2.2.3)
    rake (12.3.3)
    rspec (3.9.0)
      rspec-core (~> 3.9.0)
      rspec-expectations (~> 3.9.0)
      rspec-mocks (~> 3.9.0)
    rspec-core (3.9.2)
      rspec-support (~> 3.9.3)
    rspec-expectations (3.9.2)
      diff-lcs (>= 1.2.0, < 2.0)
      rspec-support (~> 3.9.0)
    rspec-mocks (3.9.1)
      diff-lcs (>= 1.2.0, < 2.0)
      rspec-support (~> 3.9.0)
    rspec-support (3.9.3)
    thread (0.2.2)

PLATFORMS
  ruby

DEPENDENCIES
  aki!
  rake (~> 12.0)
  rspec (~> 3.0)

BUNDLED WITH
   2.1.4
